GEM
  remote: https://rubygems.org/
  specs:
    domain_name (0.5.24)
      unf (>= 0.0.5, < 1.0.0)
    http-cookie (1.0.2)
      domain_name (~> 0.5)
    mime-types (2.4.3)
    mini_portile (0.6.2)
    mw_dictionary_api (0.1.3)
      nokogiri (~> 1.6.0)
    netrc (0.7.7)
    nokogiri (1.6.6.2)
      mini_portile (~> 0.6.0)
    oauth (0.4.7)
    rest-client (1.8.0)
      http-cookie (>= 1.0.2, < 2.0)
      mime-types (>= 1.16, < 3.0)
      netrc (~> 0.7)
    twurl (0.9.3)
      oauth (~> 0.4)
    unf (0.1.4)
      unf_ext
    unf_ext (0.0.7.1)

PLATFORMS
  ruby

DEPENDENCIES
  mw_dictionary_api
  rest-client
  twurl
